GEM
  remote: http://rubygems.org/
  specs:
    SystemTimer (1.2.3)
    activemodel (3.2.2)
      activesupport (= 3.2.2)
      builder (~> 3.0.0)
    activerecord (3.2.2)
      activemodel (= 3.2.2)
      activesupport (= 3.2.2)
      arel (~> 3.0.2)
      tzinfo (~> 0.3.29)
    activesupport (3.2.2)
      i18n (~> 0.6)
      multi_json (~> 1.0)
    addressable (2.2.7)
    apetag (1.1.2)
      cicphash (>= 1.0.0)
    arel (3.0.2)
    builder (3.0.0)
    cicphash (1.0.0)
    faraday (0.7.6)
      addressable (~> 2.2)
      multipart-post (~> 1.1)
      rack (~> 1.1)
    flacinfo-rb (0.4)
    fssm (0.2.8.1)
    i18n (0.6.0)
    kgio (2.7.2)
    metaclass (0.0.1)
    mocha (0.10.5)
      metaclass (~> 0.0.1)
    mp4info (1.7.3)
    multi_json (1.0.4)
    multi_xml (0.4.1)
    multipart-post (1.1.5)
    mustache (0.99.3)
    mysql2 (0.3.11)
    oa-core (0.3.2)
    oa-oauth (0.3.2)
      faraday (~> 0.7.3)
      multi_json (~> 1.0.0)
      multi_xml (~> 0.4.0)
      oa-core (= 0.3.2)
      oauth (~> 0.4.0)
      oauth2 (~> 0.5.0)
    oauth (0.4.5)
    oauth2 (0.5.2)
      faraday (~> 0.7)
      multi_json (~> 1.0)
    rack (1.3.6)
    rack-protection (1.2.0)
      rack
    rack-test (0.6.1)
      rack (>= 1.0)
    raindrops (0.8.0)
    rake (0.9.2.2)
    rb-fsevent (0.9.0)
    ruby-audioinfo (0.1.7)
      apetag (= 1.1.2)
      flacinfo-rb (>= 0.4)
      mp4info (>= 1.7.3)
      ruby-mp3info (>= 0.6.3)
      ruby-ogginfo (>= 0.3.1)
      wmainfo-rb (>= 0.5)
    ruby-mp3info (0.7)
    ruby-ogginfo (0.6.8)
    running_man (0.3.0)
    sass (3.1.15)
    sinatra (1.3.2)
      rack (~> 1.3, >= 1.3.6)
      rack-protection (~> 1.2)
      tilt (~> 1.3, >= 1.3.3)
    sqlite3 (1.3.5)
    tilt (1.3.3)
    tzinfo (0.3.32)
    unicorn (4.1.1)
      kgio (~> 2.4)
      rack
      raindrops (~> 0.6)
    wmainfo-rb (0.6)
    yajl-ruby (1.1.0)

PLATFORMS
  ruby

DEPENDENCIES
  SystemTimer (~> 1.2.3)
  activerecord
  fssm
  mocha
  mustache (= 0.99.3)
  mysql2 (~> 0.3.11)
  oa-oauth
  rack (~> 1.3.0)
  rack-test
  rake (~> 0.9.2.1)
  rb-fsevent
  ruby-audioinfo
  running_man
  sass (~> 3.1)
  sinatra
  sqlite3
  unicorn (~> 4.1.0)
  yajl-ruby
